PATH
  remote: ../blocRecord
  specs:
    bloc_record (0.0.0)
      pry
      sqlite3 (~> 1.3)

GEM
  remote: https://rubygems.org/
  specs:
    coderay (1.1.1)
    method_source (0.8.2)
    pry (0.10.4)
      coderay (~> 1.1.0)
      method_source (~> 0.8.1)
      slop (~> 3.4)
    slop (3.6.0)
    sqlite3 (1.3.13)

PLATFORMS
  ruby

DEPENDENCIES
  bloc_record!

BUNDLED WITH
   1.12.5
